GEM
  remote: https://rubygems.org/
  specs:
    adhoc (0.1.1)
      dnssd (>= 1.3.1)
    dnssd (2.0)
    msgpack (0.5.3)
    nio4r (0.4.3)

PLATFORMS
  ruby

DEPENDENCIES
  adhoc
  dnssd
  msgpack
  nio4r
