GEM
  remote: https://rubygems.org/
  specs:
    msgpack (0.5.3)
    nio4r (0.4.3)

PLATFORMS
  ruby

DEPENDENCIES
  msgpack
  nio4r
